PATH
  remote: .
  specs:
    puma-metrics (1.4.0)
      prometheus-client (>= 0.10)
      puma (>= 6.0)

GEM
  remote: https://rubygems.org/
  specs:
    ast (2.4.2)
    childprocess (5.0.0)
    iniparse (1.5.0)
    json (2.7.2)
    language_server-protocol (3.17.0.3)
    minitest (5.22.3)
    nio4r (2.7.0)
    overcommit (0.63.0)
      childprocess (>= 0.6.3, < 6)
      iniparse (~> 1.4)
      rexml (~> 3.2)
    parallel (1.26.3)
    parser (3.3.5.0)
      ast (~> 2.4.1)
      racc
    prometheus-client (4.2.2)
    puma (6.4.2)
      nio4r (~> 2.0)
    racc (1.8.1)
    rainbow (3.1.1)
    rake (13.2.1)
    regexp_parser (2.9.2)
    rexml (3.3.8)
    rubocop (1.67.0)
      json (~> 2.3)
      language_server-protocol (>= 3.17.0)
      parallel (~> 1.10)
      parser (>= 3.3.0.2)
      rainbow (>= 2.2.2, < 4.0)
      regexp_parser (>= 2.4, < 3.0)
      rubocop-ast (>= 1.32.2, < 2.0)
      ruby-progressbar (~> 1.7)
      unicode-display_width (>= 2.4.0, < 3.0)
    rubocop-ast (1.32.3)
      parser (>= 3.3.1.0)
    ruby-progressbar (1.13.0)
    unicode-display_width (2.6.0)

PLATFORMS
  ruby

DEPENDENCIES
  bundler (>= 2.0.0)
  minitest
  overcommit
  puma-metrics!
  rake
  rubocop

BUNDLED WITH
   2.5.6
