PATH
  remote: .
  specs:
    puma-metrics (1.1.0)
      prometheus-client (>= 0.10)
      puma (>= 3.0)

GEM
  remote: https://rubygems.org/
  specs:
    ast (2.4.0)
    childprocess (3.0.0)
    iniparse (1.4.4)
    jaro_winkler (1.5.4)
    minitest (5.13.0)
    nio4r (2.5.2)
    overcommit (0.51.0)
      childprocess (>= 0.6.3, < 4)
      iniparse (~> 1.4)
    parallel (1.19.1)
    parser (2.6.5.0)
      ast (~> 2.4.0)
    prometheus-client (1.0.0)
    puma (4.3.1)
      nio4r (~> 2.0)
    rainbow (3.0.0)
    rake (13.0.1)
    rubocop (0.77.0)
      jaro_winkler (~> 1.5.1)
      parallel (~> 1.10)
      parser (>= 2.6)
      rainbow (>= 2.2.2, < 4.0)
      ruby-progressbar (~> 1.7)
      unicode-display_width (>= 1.4.0, < 1.7)
    ruby-progressbar (1.10.1)
    unicode-display_width (1.6.0)

PLATFORMS
  ruby

DEPENDENCIES
  bundler
  minitest
  overcommit
  puma-metrics!
  rake
  rubocop

BUNDLED WITH
   2.0.2
