PATH
  remote: .
  specs:
    puma-metrics (1.0.2)
      prometheus-client (~> 0.8)
      puma (~> 3.0)

GEM
  remote: https://rubygems.org/
  specs:
    ast (2.4.0)
    childprocess (0.9.0)
      ffi (~> 1.0, >= 1.0.11)
    ffi (1.10.0)
    iniparse (1.4.4)
    jaro_winkler (1.5.2)
    minitest (5.11.3)
    overcommit (0.47.0)
      childprocess (~> 0.6, >= 0.6.3)
      iniparse (~> 1.4)
    parallel (1.17.0)
    parser (2.6.2.1)
      ast (~> 2.4.0)
    prometheus-client (0.9.0)
      quantile (~> 0.2.1)
    psych (3.1.0)
    puma (3.12.1)
    quantile (0.2.1)
    rainbow (3.0.0)
    rake (12.3.2)
    rubocop (0.67.2)
      jaro_winkler (~> 1.5.1)
      parallel (~> 1.10)
      parser (>= 2.5, != 2.5.1.1)
      psych (>= 3.1.0)
      rainbow (>= 2.2.2, < 4.0)
      ruby-progressbar (~> 1.7)
      unicode-display_width (>= 1.4.0, < 1.6)
    ruby-progressbar (1.10.0)
    unicode-display_width (1.5.0)

PLATFORMS
  ruby

DEPENDENCIES
  bundler
  minitest
  overcommit
  puma-metrics!
  rake
  rubocop

BUNDLED WITH
   2.0.1
