PATH
  remote: .
  specs:
    puma-metrics (1.2.0)
      prometheus-client (>= 0.10)
      puma (>= 3.0)

GEM
  remote: https://rubygems.org/
  specs:
    ast (2.4.1)
    childprocess (4.0.0)
    iniparse (1.5.0)
    minitest (5.14.1)
    nio4r (2.5.2)
    overcommit (0.54.0)
      childprocess (>= 0.6.3, < 5)
      iniparse (~> 1.4)
    parallel (1.19.2)
    parser (2.7.1.4)
      ast (~> 2.4.1)
    prometheus-client (2.1.0)
    puma (4.3.5)
      nio4r (~> 2.0)
    rainbow (3.0.0)
    rake (13.0.1)
    regexp_parser (1.7.1)
    rexml (3.2.4)
    rubocop (0.86.0)
      parallel (~> 1.10)
      parser (>= 2.7.0.1)
      rainbow (>= 2.2.2, < 4.0)
      regexp_parser (>= 1.7)
      rexml
      rubocop-ast (>= 0.0.3, < 1.0)
      ruby-progressbar (~> 1.7)
      unicode-display_width (>= 1.4.0, < 2.0)
    rubocop-ast (0.1.0)
      parser (>= 2.7.0.1)
    ruby-progressbar (1.10.1)
    unicode-display_width (1.7.0)

PLATFORMS
  ruby

DEPENDENCIES
  bundler
  minitest
  overcommit
  puma-metrics!
  rake
  rubocop

BUNDLED WITH
   2.1.2
